GEM
  remote: https://rubygems.org/
  specs:
    foreman (0.88.1)
    rack (3.1.7)
    rackup (2.1.0)
      rack (>= 3)
      webrick (~> 1.8)
    subcontractor (0.9.0)
    webrick (1.8.1)

PLATFORMS
  arm64-darwin-23
  ruby

DEPENDENCIES
  foreman (~> 0.88.1)
  rackup (~> 2.1)
  subcontractor (~> 0.9.0)

RUBY VERSION
   ruby 3.3.1p55

BUNDLED WITH
   2.5.14
